GIT
  remote: git@github.com:mloughran/jbundle.git
  revision: 09bfca3ca8dd81872619eab9da6ad125de6d323f
  specs:
    jbundle (0.1.3)
      closure-compiler
      rack
      thor

GEM
  remote: http://rubygems.org/
  specs:
    aws-s3 (0.6.2)
      builder
      mime-types
      xml-simple
    builder (2.1.2)
    closure-compiler (1.1.3)
    crack (0.1.8)
    httparty (0.6.1)
      crack (= 0.1.8)
    json (1.4.6)
    mime-types (1.16)
    pusher (0.6.0)
      crack
      json
      ruby-hmac
      signature
    rack (1.3.0)
    rake (0.9.2.2)
    ruby-hmac (0.4.0)
    signature (0.1.1)
      ruby-hmac
    sinatra (1.0)
      rack (>= 1.0)
    thor (0.14.6)
    xml-simple (1.0.12)

PLATFORMS
  ruby

DEPENDENCIES
  aws-s3
  httparty
  jbundle!
  pusher
  rake
  sinatra
