GIT
  remote: git@github.com:mloughran/jbundle.git
  revision: 09bfca3ca8dd81872619eab9da6ad125de6d323f
  specs:
    jbundle (0.1.3)
      closure-compiler
      rack
      thor

GEM
  remote: http://rubygems.org/
  specs:
    addressable (2.3.2)
    aws-s3 (0.6.2)
      builder
      mime-types
      xml-simple
    builder (2.1.2)
    childprocess (0.3.6)
      ffi (~> 1.0, >= 1.0.6)
    closure-compiler (1.1.3)
    crack (0.1.8)
    diff-lcs (1.1.3)
    ffi (1.1.5)
    httparty (0.6.1)
      crack (= 0.1.8)
    jasmine (1.2.1)
      jasmine-core (>= 1.2.0)
      rack (~> 1.0)
      rspec (>= 1.3.1)
      selenium-webdriver (>= 0.1.3)
    jasmine-core (1.2.0)
    json (1.4.6)
    libwebsocket (0.1.5)
      addressable
    mime-types (1.16)
    multi_json (1.3.7)
    pusher (0.6.0)
      crack
      json
      ruby-hmac
      signature
    rack (1.3.0)
    rake (0.9.2.2)
    rspec (2.12.0)
      rspec-core (~> 2.12.0)
      rspec-expectations (~> 2.12.0)
      rspec-mocks (~> 2.12.0)
    rspec-core (2.12.0)
    rspec-expectations (2.12.0)
      diff-lcs (~> 1.1.3)
    rspec-mocks (2.12.0)
    ruby-hmac (0.4.0)
    rubyzip (0.9.9)
    selenium-webdriver (2.26.0)
      childprocess (>= 0.2.5)
      libwebsocket (~> 0.1.3)
      multi_json (~> 1.0)
      rubyzip
    signature (0.1.1)
      ruby-hmac
    sinatra (1.0)
      rack (>= 1.0)
    thor (0.14.6)
    xml-simple (1.0.12)

PLATFORMS
  ruby

DEPENDENCIES
  aws-s3
  httparty
  jasmine
  jbundle!
  pusher
  rake
  sinatra
